GEM
  remote: http://rubygems.org/
  specs:
    colorize (0.6.0)
    coveralls (0.5.8)
      colorize
      json
      rest-client
      simplecov (>= 0.7)
      thor
    diff-lcs (1.1.3)
    json (1.7.7)
    mime-types (1.21)
    multi_json (1.6.1)
    rake (0.9.2.2)
    rest-client (1.6.7)
      mime-types (>= 1.16)
    rspec (2.11.0)
      rspec-core (~> 2.11.0)
      rspec-expectations (~> 2.11.0)
      rspec-mocks (~> 2.11.0)
    rspec-core (2.11.0)
    rspec-expectations (2.11.1)
      diff-lcs (~> 1.1.3)
    rspec-mocks (2.11.1)
    simplecov (0.7.1)
      multi_json (~> 1.0)
      simplecov-html (~> 0.7.1)
    simplecov-html (0.7.1)
    thor (0.17.0)

PLATFORMS
  ruby

DEPENDENCIES
  colorize
  coveralls
  rake
  rspec
